GEM
  remote: https://rubygems.org/
  specs:
    colored (1.2)
    mini_portile2 (2.2.0)
    nokogiri (1.8.0)
      mini_portile2 (~> 2.2.0)
    odf-report (0.5.1)
      nokogiri (>= 1.5.0)
      rubyzip (~> 1.1.0)
    pdf-core (0.7.0)
    prawn (2.2.2)
      pdf-core (~> 0.7.0)
      ttfunk (~> 1.5)
    rubyzip (1.1.7)
    thinreports (0.10.0)
      prawn (~> 2.2.0)
    ttfunk (1.5.1)

PLATFORMS
  ruby

DEPENDENCIES
  colored
  odf-report
  thinreports

BUNDLED WITH
   1.15.1
